GEM
  remote: https://rubygems.org/
  specs:
    RubyInline (3.12.4)
      ZenTest (~> 4.3)
    ZenTest (4.11.0)
    net-http-persistent (2.9.4)

PLATFORMS
  ruby

DEPENDENCIES
  RubyInline
  net-http-persistent
