GEM
  remote: https://rubygems.org/
  specs:
    activemodel (5.0.1)
      activesupport (= 5.0.1)
    activesupport (5.0.1)
      concurrent-ruby (~> 1.0, >= 1.0.2)
      i18n (~> 0.7)
      minitest (~> 5.1)
      tzinfo (~> 1.1)
    annoy (0.5.6)
      highline (>= 1.5.0)
    bson (4.2.1)
    concurrent-ruby (1.0.4)
    connection_pool (2.2.1)
    docile (1.1.5)
    drydock (0.6.9)
    highline (1.7.8)
    i18n (0.8.0)
    minitest (5.10.1)
    mongo (2.4.1)
      bson (>= 4.2.1, < 5.0.0)
    mongoid (6.1.0)
      activemodel (~> 5.0)
      mongo (>= 2.4.1, < 3.0.0)
    net-ping (2.0.1)
    net-scp (1.2.1)
      net-ssh (>= 2.6.5)
    net-ssh (4.0.1)
    rack (2.0.1)
    rack-protection (1.5.3)
      rack
    redis (3.3.3)
    redis-namespace (1.5.3)
      redis (~> 3.0, >= 3.0.4)
    redis-objects (1.2.1)
      redis (>= 3.0.2)
    rye (0.9.13)
      annoy
      docile (>= 1.0.1)
      highline (>= 1.5.1)
      net-scp (>= 1.0.2)
      net-ssh (>= 2.0.13)
      sysinfo (>= 0.8.1)
    sidekiq (4.2.9)
      concurrent-ruby (~> 1.0)
      connection_pool (~> 2.2, >= 2.2.0)
      rack-protection (>= 1.5.0)
      redis (~> 3.2, >= 3.2.1)
    sidekiq-superworker (1.2.0)
      activemodel (>= 3.2)
      activesupport (>= 3.2)
      sidekiq (>= 2.1.0)
    storable (0.8.9)
    sysinfo (0.8.1)
      drydock
      storable
    thread_safe (0.3.5)
    tzinfo (1.2.2)
      thread_safe (~> 0.1)

PLATFORMS
  ruby

DEPENDENCIES
  connection_pool
  mongo
  mongoid
  net-ping
  net-ssh
  redis
  redis-namespace
  redis-objects
  rye
  sidekiq
  sidekiq-superworker

BUNDLED WITH
   1.14.3
