GEM
  remote: https://rubygems.org/
  specs:
    activemodel (4.2.5)
      activesupport (= 4.2.5)
      builder (~> 3.1)
    activesupport (4.2.5)
      i18n (~> 0.7)
      json (~> 1.7, >= 1.7.7)
      minitest (~> 5.1)
      thread_safe (~> 0.3, >= 0.3.4)
      tzinfo (~> 1.1)
    annoy (0.5.6)
      highline (>= 1.5.0)
    async_sinatra (1.2.0)
      rack (>= 1.4.1)
      sinatra (>= 1.3.2)
    bson (4.0.0)
    builder (3.2.2)
    concurrent-ruby (1.0.0)
    connection_pool (2.2.0)
    daemons (1.2.3)
    docile (1.1.5)
    drydock (0.6.9)
    eventmachine (1.0.8)
    highline (1.7.8)
    i18n (0.7.0)
    json (1.8.3)
    minitest (5.8.3)
    mongo (2.2.0)
      bson (~> 4.0)
    mongoid (5.0.1)
      activemodel (~> 4.0)
      mongo (~> 2.1)
      origin (~> 2.1)
      tzinfo (>= 0.3.37)
    net-scp (1.2.1)
      net-ssh (>= 2.6.5)
    net-ssh (3.0.1)
    origin (2.1.1)
    rack (1.6.4)
    rack-protection (1.5.3)
      rack
    redis (3.2.2)
    redis-objects (1.2.1)
      redis (>= 3.0.2)
    rye (0.9.13)
      annoy
      docile (>= 1.0.1)
      highline (>= 1.5.1)
      net-scp (>= 1.0.2)
      net-ssh (>= 2.0.13)
      sysinfo (>= 0.8.1)
    sidekiq (4.0.1)
      concurrent-ruby (~> 1.0)
      connection_pool (~> 2.2, >= 2.2.0)
      json (~> 1.0)
      redis (~> 3.2, >= 3.2.1)
    sinatra (1.4.6)
      rack (~> 1.4)
      rack-protection (~> 1.4)
      tilt (>= 1.3, < 3)
    storable (0.8.9)
    sysinfo (0.8.1)
      drydock
      storable
    thin (1.6.4)
      daemons (~> 1.0, >= 1.0.9)
      eventmachine (~> 1.0, >= 1.0.4)
      rack (~> 1.0)
    thread_safe (0.3.5)
    tilt (2.0.1)
    tzinfo (1.2.2)
      thread_safe (~> 0.1)

PLATFORMS
  ruby

DEPENDENCIES
  async_sinatra
  bson
  connection_pool
  mongo
  mongoid
  net-ssh
  rack
  redis
  redis-objects
  rye
  sidekiq
  sinatra
  thin
